GEM
  remote: https://rubygems.org/
  specs:
    byebug (11.1.3)
    ruby2d (0.10.0)

PLATFORMS
  x86_64-linux

DEPENDENCIES
  byebug (~> 11.1.3)
  ruby2d (~> 0.10.0)

BUNDLED WITH
   2.2.27
